PATH
  remote: .
  specs:
    virgil-jwt (1.0.2)

GEM
  remote: https://rubygems.org/
  specs:
    ansi (1.5.0)
    base64url (1.0.1)
    builder (3.2.3)
    envyable (1.2.0)
      thor (>= 0.18.1, < 2.0)
    minitest (5.10.3)
    minitest-reporters (1.3.6)
      ansi
      builder
      minitest (>= 5.0)
      ruby-progressbar
    rake (10.5.0)
    ruby-progressbar (1.10.0)
    thor (0.20.0)
    virgil-crypto (3.6.2)

PLATFORMS
  ruby

DEPENDENCIES
  base64url
  bundler (~> 2.0.2)
  envyable (~> 1.2)
  minitest (~> 5.0)
  minitest-reporters (~> 1.1)
  rake (~> 10.0)
  virgil-crypto (~> 3.6.2)
  virgil-jwt!

BUNDLED WITH
   2.0.2
